Brain Vision Data Exchange Header File Version 1.0
; Data created by the actiCHamp PyCorder

[Common Infos]
Codepage=UTF-8
DataFile=000001.eeg
MarkerFile=000001.vmrk
DataFormat=BINARY
; Data orientation: MULTIPLEXED=ch1,pt1, ch2,pt1 ...
DataOrientation=MULTIPLEXED
NumberOfChannels=32
; Sampling interval in microseconds
SamplingInterval=2000

[Binary Infos]
BinaryFormat=IEEE_FLOAT_32

[Channel Infos]
; Each entry: Ch<Channel number>=<Name>,<Reference channel name>,
; <Scaling factor in "Unit">,<Unit>, Future extensions..
; Fields are delimited by commas, some fields might be omitted (empty).
; Commas in channel names are coded as "\1".
Ch1=Ch1,,1.0,µV
Ch2=Ch2,,1.0,µV
Ch3=Ch3,,1.0,µV
Ch4=Ch4,,1.0,µV
Ch5=Ch5,,1.0,µV
Ch6=Ch6,,1.0,µV
Ch7=Ch7,,1.0,µV
Ch8=Ch8,,1.0,µV
Ch9=Ch9,,1.0,µV
Ch10=Ch10,,1.0,µV
Ch11=Ch11,,1.0,µV
Ch12=Ch12,,1.0,µV
Ch13=Ch13,,1.0,µV
Ch14=Ch14,,1.0,µV
Ch15=Ch15,,1.0,µV
Ch16=Ch16,,1.0,µV
Ch17=Ch17,,1.0,µV
Ch18=Ch18,,1.0,µV
Ch19=Ch19,,1.0,µV
Ch20=Ch20,,1.0,µV
Ch21=Ch21,,1.0,µV
Ch22=Ch22,,1.0,µV
Ch23=Ch23,,1.0,µV
Ch24=Ch24,,1.0,µV
Ch25=Ch25,,1.0,µV
Ch26=Ch26,,1.0,µV
Ch27=Ch27,,1.0,µV
Ch28=Ch28,,1.0,µV
Ch29=Ch29,,1.0,µV
Ch30=Ch30,,1.0,µV
Ch31=Ch31,,1.0,µV
Ch32=Ch32,,1.0,µV

[Comment]
PyCorder V1.0.9

Amplifier
actiCHamp Simulation Mode, 1 Module(s)




Reference channel: none
